PATH
  remote: .
  specs:
    naily (0.1.0)
      amqp (= 0.9.10)
      astute
      json (= 1.6.1)
      raemon (= 0.3.0)
      symboltable (= 1.0.2)

GEM
  specs:
    activesupport (3.0.10)
    amq-client (0.9.12)
      amq-protocol (>= 1.2.0)
      eventmachine
    amq-protocol (1.2.0)
    amqp (0.9.10)
      amq-client (~> 0.9.12)
      amq-protocol (~> 1.2.0)
      eventmachine
    astute (0.0.1)
      activesupport (= 3.0.10)
      mcollective-client (= 2.3.1)
      symboltable (= 1.0.2)
    eventmachine (1.0.3)
    i18n (0.6.4)
    json (1.6.1)
    mcollective-client (2.3.1)
      i18n
      json
      stomp
      systemu
    raemon (0.3.0)
    stomp (1.2.8)
    symboltable (1.0.2)
    systemu (2.5.2)

PLATFORMS
  ruby

DEPENDENCIES
  naily!
